GEM
  remote: https://rubygems.org/
  specs:
    aws-sdk (2.6.34)
      aws-sdk-resources (= 2.6.34)
    aws-sdk-core (2.6.34)
      aws-sigv4 (~> 1.0)
      jmespath (~> 1.0)
    aws-sdk-resources (2.6.34)
      aws-sdk-core (= 2.6.34)
    aws-sigv4 (1.0.0)
    dotenv (2.1.1)
    jmespath (1.3.1)
    table_print (1.5.6)

PLATFORMS
  ruby

DEPENDENCIES
  aws-sdk
  dotenv
  table_print

BUNDLED WITH
   1.11.2
